GEM
  remote: https://rubygems.org/
  specs:
    nokogiri (1.17.2-x86_64-linux)
      racc (~> 1.4)
    racc (1.8.1)
    yajl-ruby (1.4.3)

PLATFORMS
  x86_64-linux

DEPENDENCIES
  nokogiri
  yajl-ruby

BUNDLED WITH
   2.2.15
